GEM
  remote: https://rubygems.org/
  specs:
    activesupport (5.2.1)
      concurrent-ruby (~> 1.0, >= 1.0.2)
      i18n (>= 0.7, < 2)
      minitest (~> 5.1)
      tzinfo (~> 1.1)
    backports (3.6.8)
    bullet (5.7.5)
      activesupport (>= 3.0.0)
      uniform_notifier (~> 1.11.0)
    concurrent-ruby (1.0.5)
    foreman (0.78.0)
      thor (~> 0.19.1)
    i18n (1.1.0)
      concurrent-ruby (~> 1.0)
    kgio (2.10.0)
    memcache-client (1.8.5)
    minitest (5.11.3)
    multi_json (1.11.2)
    mysql2 (0.4.3)
    rack (1.6.4)
    rack-flash3 (1.0.5)
      rack
    rack-protection (1.5.3)
      rack
    rack-test (0.6.3)
      rack (>= 1.0)
    raindrops (0.16.0)
    sinatra (1.4.7)
      rack (~> 1.5)
      rack-protection (~> 1.4)
      tilt (>= 1.3, < 3)
    sinatra-contrib (1.4.6)
      backports (>= 2.0)
      multi_json
      rack-protection
      rack-test
      sinatra (~> 1.4.0)
      tilt (>= 1.3, < 3)
    thor (0.19.1)
    thread_safe (0.3.6)
    tilt (2.0.2)
    tzinfo (1.2.5)
      thread_safe (~> 0.1)
    unicorn (5.0.1)
      kgio (~> 2.6)
      rack
      raindrops (~> 0.7)
    uniform_notifier (1.11.0)

PLATFORMS
  ruby

DEPENDENCIES
  bullet
  foreman
  memcache-client
  mysql2
  rack-flash3
  sinatra
  sinatra-contrib
  unicorn

BUNDLED WITH
   1.12.3
